GEM
  remote: https://rubygems.org/
  specs:
    ffi (1.9.0)
    haml (4.0.2)
      tilt
    rack (1.5.2)
    rack-protection (1.5.0)
      rack
    sinatra (1.4.2)
      rack (~> 1.5, >= 1.5.2)
      rack-protection (~> 1.4)
      tilt (~> 1.3, >= 1.3.4)
    tilt (1.4.0)

PLATFORMS
  ruby

DEPENDENCIES
  ffi (= 1.9.0)
  haml (= 4.0.2)
  sinatra (= 1.4.2)
